GEM
  remote: https://rubygems.org/
  specs:
    teamocil (1.4.2)

PLATFORMS
  arm64-darwin-23
  ruby

DEPENDENCIES
  teamocil

BUNDLED WITH
   2.5.11
